GEM
  remote: http://rubygems.org/
  specs:
    addressable (2.2.6)
    databasedotcom (1.2.5)
      json
      multipart-post (~> 1.1)
    haml (3.1.3)
    heroku (2.14.0)
      launchy (>= 0.3.2)
      rest-client (~> 1.6.1)
      rubyzip
      term-ansicolor (~> 1.0.5)
    json (1.6.2)
    launchy (2.0.5)
      addressable (~> 2.2.6)
    mime-types (1.17.2)
    multipart-post (1.1.4)
    rack (1.3.5)
    rack-cors (0.2.4)
      rack
    rack-protection (1.1.4)
      rack
    rack-test (0.6.1)
      rack (>= 1.0)
    rake (0.9.2.2)
    rest-client (1.6.7)
      mime-types (>= 1.16)
    rubyzip (0.9.5)
    sinatra (1.3.1)
      rack (~> 1.3, >= 1.3.4)
      rack-protection (~> 1.1, >= 1.1.2)
      tilt (~> 1.3, >= 1.3.3)
    sinatra-cross_origin (0.1.0)
    term-ansicolor (1.0.7)
    tilt (1.3.3)

PLATFORMS
  ruby

DEPENDENCIES
  databasedotcom
  haml
  heroku
  json
  rack-cors
  rack-test
  rake
  sinatra
  sinatra-cross_origin
